GEM
  remote: https://rubygems.org/
  specs:
    addressable (2.3.8)
    byebug (4.0.4)
      columnize (= 0.9.0)
    columnize (0.9.0)
    excon (0.45.1)
    haml (4.0.6)
      tilt
    heroku (3.30.3)
      heroku-api (~> 0.3.19)
      launchy (>= 0.3.2)
      multi_json (~> 1.10)
      netrc (>= 0.10.0)
      rest-client (= 1.6.7)
      rubyzip (= 0.9.9)
    heroku-api (0.3.23)
      excon (~> 0.44)
      multi_json (~> 1.8)
    http (0.7.3)
      http-form_data (~> 1.0.0)
      http_parser.rb (~> 0.6.0)
    http-form_data (1.0.0)
    http_parser.rb (0.6.0)
    launchy (2.4.3)
      addressable (~> 2.3)
    mime-types (2.4.3)
    minitest (5.5.1)
    multi_json (1.11.0)
    netrc (0.10.3)
    puma (2.11.1)
      rack (>= 1.1, < 2.0)
    rack (1.6.0)
    rack-protection (1.5.3)
      rack
    redcarpet (3.2.2)
    rest-client (1.6.7)
      mime-types (>= 1.16)
    rubyzip (0.9.9)
    sinatra (1.4.6)
      rack (~> 1.4)
      rack-protection (~> 1.4)
      tilt (>= 1.3, < 3)
    tilt (2.0.1)

PLATFORMS
  ruby

DEPENDENCIES
  byebug
  haml
  heroku
  http
  minitest
  puma
  redcarpet
  sinatra
