GIT
  remote: git://github.com/tommay/angelo.git
  revision: 20ebe161fb0acbdf0cb8bf13cbe79f669633e50c
  branch: tilt-preload
  specs:
    angelo (0.5.0pre)
      mime-types (~> 2.4)
      mustermann (~> 0.4)
      reel (~> 0.5)
      tilt (~> 2.0)
      tilt-preload

GEM
  remote: https://rubygems.org/
  specs:
    addressable (2.3.6)
    byebug (3.5.1)
      columnize (~> 0.8)
      debugger-linecache (~> 1.2)
      slop (~> 3.6)
    celluloid (0.16.0)
      timers (~> 4.0.0)
    celluloid-io (0.16.2)
      celluloid (>= 0.16.0)
      nio4r (>= 1.1.0)
    columnize (0.9.0)
    debugger-linecache (1.2.0)
    excon (0.43.0)
    form_data (0.1.0)
    haml (4.0.6)
      tilt
    heroku (3.23.3)
      heroku-api (~> 0.3.19)
      launchy (>= 0.3.2)
      multi_json (~> 1.10.1)
      netrc (>= 0.10.0)
      rest-client (= 1.6.7)
      rubyzip (= 0.9.9)
    heroku-api (0.3.22)
      excon (~> 0.38)
      multi_json (~> 1.8)
    hitimes (1.2.2)
    http (0.7.1)
      form_data (~> 0.1.0)
      http_parser.rb (~> 0.6.0)
    http_parser.rb (0.6.0)
    launchy (2.4.3)
      addressable (~> 2.3)
    mime-types (2.4.3)
    minitest (5.5.1)
    multi_json (1.10.1)
    mustermann (0.4.0)
      tool (~> 0.2)
    netrc (0.10.2)
    nio4r (1.1.0)
    redcarpet (3.2.2)
    reel (0.5.0)
      celluloid (>= 0.15.1)
      celluloid-io (>= 0.15.0)
      http (>= 0.6.0.pre)
      http_parser.rb (>= 0.6.0)
      websocket_parser (>= 0.1.6)
    rest-client (1.6.7)
      mime-types (>= 1.16)
    rubyzip (0.9.9)
    slop (3.6.0)
    tilt (2.0.1)
    tilt-preload (0.0.0)
      tilt (~> 2.0)
    timers (4.0.1)
      hitimes
    tool (0.2.3)
    websocket_parser (1.0.0)

PLATFORMS
  ruby

DEPENDENCIES
  angelo!
  byebug
  haml
  heroku
  http
  minitest
  redcarpet
