GEM
  remote: https://rubygems.org/
  specs:
    addressable (2.3.6)
    byebug (3.5.1)
      columnize (~> 0.8)
      debugger-linecache (~> 1.2)
      slop (~> 3.6)
    columnize (0.9.0)
    debugger-linecache (1.2.0)
    excon (0.42.1)
    form_data (0.1.0)
    haml (4.0.6)
      tilt
    heroku (3.21.4)
      heroku-api (~> 0.3.19)
      launchy (>= 0.3.2)
      multi_json (~> 1.10.1)
      netrc (>= 0.10.0)
      rest-client (= 1.6.7)
      rubyzip (= 0.9.9)
    heroku-api (0.3.22)
      excon (~> 0.38)
      multi_json (~> 1.8)
    http (0.7.1)
      form_data (~> 0.1.0)
      http_parser.rb (~> 0.6.0)
    http_parser.rb (0.6.0)
    launchy (2.4.3)
      addressable (~> 2.3)
    mime-types (2.4.3)
    multi_json (1.10.1)
    netrc (0.10.2)
    newrelic_rpm (3.9.9.275)
    puma (2.10.2)
      rack (>= 1.1, < 2.0)
    rack (1.6.0)
    rack-protection (1.5.3)
      rack
    redcarpet (3.2.2)
    rest-client (1.6.7)
      mime-types (>= 1.16)
    rubyzip (0.9.9)
    sinatra (1.4.5)
      rack (~> 1.4)
      rack-protection (~> 1.4)
      tilt (~> 1.3, >= 1.3.4)
    slop (3.6.0)
    tilt (1.4.1)

PLATFORMS
  ruby

DEPENDENCIES
  byebug
  haml
  heroku
  http
  newrelic_rpm
  puma
  redcarpet
  sinatra
